GEM
  remote: https://rubygems.org/
  specs:
    nokogiri (1.16.6-x86_64-linux)
      racc (~> 1.4)
    racc (1.8.0)
    roo (2.10.1)
      nokogiri (~> 1)
      rubyzip (>= 1.3.0, < 3.0.0)
    rubyzip (2.3.2)
    vcardigan (0.0.9)

PLATFORMS
  x86_64-linux

DEPENDENCIES
  roo (~> 2.10)
  vcardigan (~> 0.0.9)

BUNDLED WITH
   2.3.7
